GEM
  remote: https://rubygems.org/
  specs:
    wavefile (1.1.0)

PLATFORMS
  ruby

DEPENDENCIES
  wavefile

BUNDLED WITH
   1.16.4
